GEM
  remote: https://rubygems.org/
  specs:
    activemodel (5.0.0.1)
      activesupport (= 5.0.0.1)
    activerecord (5.0.0.1)
      activemodel (= 5.0.0.1)
      activesupport (= 5.0.0.1)
      arel (~> 7.0)
    activesupport (5.0.0.1)
      concurrent-ruby (~> 1.0, >= 1.0.2)
      i18n (~> 0.7)
      minitest (~> 5.1)
      tzinfo (~> 1.1)
    arel (7.1.4)
    concurrent-ruby (1.0.2)
    diff-lcs (1.2.5)
    fastreader (1.0.8)
      activerecord (>= 2.0.0)
      activesupport (>= 2.0.0)
      feed-normalizer (>= 1.5.1)
      highline (>= 1.4.0)
      hoe (>= 1.6.0)
      hpricot (>= 0.6)
      simple-rss (>= 1.1)
      sqlite3-ruby (>= 1.2.2)
    feed-normalizer (1.5.2)
      hpricot (>= 0.6)
      simple-rss (>= 1.1)
    highline (1.7.8)
    hoe (3.15.2)
      rake (>= 0.8, < 12.0)
    hpricot (0.8.6)
    i18n (0.7.0)
    mini_portile2 (2.1.0)
    minitest (5.9.1)
    nokogiri (1.6.8.1)
      mini_portile2 (~> 2.1.0)
    pdfkit (0.5.2)
    rack (2.2.3.1)
    rake (11.3.0)
    rspec (3.5.0)
      rspec-core (~> 3.5.0)
      rspec-expectations (~> 3.5.0)
      rspec-mocks (~> 3.5.0)
    rspec-core (3.5.4)
      rspec-support (~> 3.5.0)
    rspec-expectations (3.5.0)
      diff-lcs (>= 1.2.0, < 2.0)
      rspec-support (~> 3.5.0)
    rspec-mocks (3.5.0)
      diff-lcs (>= 1.2.0, < 2.0)
      rspec-support (~> 3.5.0)
    rspec-support (3.5.0)
    simple-rss (1.3.1)
    sqlite3 (1.3.12)
    sqlite3-ruby (1.3.3)
      sqlite3 (>= 1.3.3)
    thread_safe (0.3.5)
    tzinfo (1.2.2)
      thread_safe (~> 0.1)

PLATFORMS
  ruby

DEPENDENCIES
  fastreader
  nokogiri
  pdfkit (~> 0.5)
  rack (~> 2.0, >= 2.0.9.1)
  rspec

BUNDLED WITH
   1.17.3
